GEM
  remote: https://rubygems.org/
  specs:
    andand (1.3.3)
    faraday (0.17.3)
      multipart-post (>= 1.2, < 3)
    frodata (0.9.3)
      andand (~> 1.3)
      faraday (~> 0.15)
      nokogiri (~> 1.8)
    mini_portile2 (2.4.0)
    multipart-post (2.1.1)
    nokogiri (1.10.8)
      mini_portile2 (~> 2.4.0)

PLATFORMS
  ruby

DEPENDENCIES
  frodata

BUNDLED WITH
   2.1.4
